GEM
  remote: https://rubygems.org/
  specs:
    bson (4.2.2)
    bson_ext (1.5.1)
    mongo (2.4.3)
      bson (>= 4.2.1, < 5.0.0)
    mysql (2.9.1)

PLATFORMS
  ruby

DEPENDENCIES
  bson_ext
  mongo
  mysql

BUNDLED WITH
   1.15.4
